GEM
  remote: http://rubygems.org/
  specs:
    coderay (1.0.6)
    daemons (1.1.8)
    eventmachine (0.12.10)
    haml (3.1.6)
    rack (1.6.11)
    rack-protection (1.2.0)
      rack
    sequel (3.36.1)
    sinatra (1.3.2)
      rack (~> 1.3, >= 1.3.6)
      rack-protection (~> 1.2)
      tilt (~> 1.3, >= 1.3.3)
    sqlite3 (1.3.6)
    thin (1.3.1)
      daemons (>= 1.0.9)
      eventmachine (>= 0.12.6)
      rack (>= 1.0.0)
    tilt (1.3.3)

PLATFORMS
  ruby

DEPENDENCIES
  coderay
  haml
  sequel
  sinatra
  sqlite3
  thin
